GEM
  remote: https://rubygems.org/
  specs:
    bson (4.0.1)
    bson_ext (1.5.1)
    coderay (1.1.0)
    method_source (0.8.2)
    mongo (2.2.2)
      bson (~> 4.0)
    pry (0.10.1)
      coderay (~> 1.1.0)
      method_source (~> 0.8.1)
      slop (~> 3.4)
    rack (1.6.4)
    rack-protection (1.5.3)
      rack
    sinatra (1.4.7)
      rack (~> 1.5)
      rack-protection (~> 1.4)
      tilt (>= 1.3, < 3)
    slop (3.6.0)
    tilt (2.0.2)

PLATFORMS
  ruby

DEPENDENCIES
  bson_ext
  mongo (~> 2.1)
  pry
  sinatra

BUNDLED WITH
   1.10.6
