GEM
  remote: https://rubygems.org/
  specs:
    bson (4.0.1)
    bson_ext (1.5.1)
    mongo (2.2.2)
      bson (~> 4.0)
    puma (3.6.0)
    rack (1.6.4)
    rack-protection (1.5.3)
      rack
    sinatra (1.4.7)
      rack (~> 1.5)
      rack-protection (~> 1.4)
      tilt (>= 1.3, < 3)
    tilt (2.0.2)

PLATFORMS
  ruby

DEPENDENCIES
  bson_ext
  mongo (~> 2.1)
  puma
  sinatra

BUNDLED WITH
   1.11.2
